PATH
  remote: .
  specs:
    estorm_button (0.1.0)
      pi_piper

GEM
  remote: https://rubygems.org/
  specs:
    codeclimate-test-reporter (0.4.0)
      simplecov (>= 0.7.1, < 1.0.0)
    docile (1.1.5)
    ffi (1.9.3)
    minitest (5.4.1)
    multi_json (1.10.1)
    pi_piper (1.3.2)
      ffi
    simplecov (0.9.0)
      docile (~> 1.1.0)
      multi_json
      simplecov-html (~> 0.8.0)
    simplecov-html (0.8.0)

PLATFORMS
  ruby

DEPENDENCIES
  codeclimate-test-reporter
  estorm_button!
  minitest
  pi_piper
